PATH
  remote: vendor/rack-pjax
  specs:
    rack-pjax (0.7.0)
      nokogiri (~> 1.5)
      rack (~> 1.3)

GEM
  remote: https://rubygems.org/
  specs:
    mini_portile (0.6.0)
    nokogiri (1.6.3.1)
      mini_portile (= 0.6.0)
    rack (1.5.2)
    rake (10.3.2)
    shotgun (0.9)
      rack (>= 1.0)
    sinatra (1.0)
      rack (>= 1.0)

PLATFORMS
  ruby

DEPENDENCIES
  rack-pjax!
  rake
  shotgun (~> 0.8)
  sinatra (= 1.0)
