PATH
  remote: vendor/rack-pjax
  specs:
    rack-pjax (0.7.0)
      nokogiri (~> 1.5)
      rack (~> 1.3)

GEM
  remote: http://rubygems.org/
  specs:
    nokogiri (1.5.6)
    rack (1.4.1)
    rake (0.8.7)
    shotgun (0.8)
      rack (>= 1.0)
    sinatra (1.0)
      rack (>= 1.0)

PLATFORMS
  ruby

DEPENDENCIES
  rack-pjax!
  rake
  shotgun (= 0.8)
  sinatra (= 1.0)
